GEM
  remote: https://rubygems.org/
  specs:
    exifr (1.2.0)
    rmagick (2.13.4)

PLATFORMS
  ruby

DEPENDENCIES
  exifr
  rmagick
